PATH
  remote: .
  specs:
    moesif_rack (2.0.2)
      moesif_api (~> 2.0.1)

GEM
  remote: https://rubygems.org/
  specs:
    connection_pool (2.4.1)
    faraday (2.7.4)
      faraday-net_http (>= 2.0, < 3.1)
      ruby2_keywords (>= 0.0.4)
    faraday-net_http (3.0.2)
    faraday-net_http_persistent (2.1.0)
      faraday (~> 2.5)
      net-http-persistent (~> 4.0)
    faraday-retry (2.2.0)
      faraday (~> 2.0)
    json (2.6.3)
    json_mapper (0.2.1)
      json (>= 1.4.3)
    moesif_api (2.0.1)
      faraday (~> 2.7, >= 2.6)
      faraday-net_http_persistent (~> 2.0, >= 2.0.1)
      faraday-retry (~> 2.2.0, >= 2.0.0)
      json_mapper (~> 0.2, >= 0.2.1)
      net-http-persistent (~> 4.0, >= 4.0.1)
    net-http-persistent (4.0.2)
      connection_pool (~> 2.2)
    power_assert (2.0.3)
    rake (13.0.6)
    ruby2_keywords (0.0.5)
    test-unit (3.6.1)
      power_assert

PLATFORMS
  arm64-darwin-21
  ruby
  x86_64-linux

DEPENDENCIES
  moesif_api
  moesif_rack!
  rake
  test-unit (~> 3.5, >= 3.5.0)

BUNDLED WITH
   2.3.26
