PATH
  remote: .
  specs:
    moesif_rack (1.4.14)
      addressable (~> 2.8.0)
      moesif_api (~> 1.2, >= 1.2.14)

GEM
  remote: https://rubygems.org/
  specs:
    addressable (2.8.0)
      public_suffix (>= 2.0.2, < 5.0)
    domain_name (0.5.20190701)
      unf (>= 0.0.5, < 1.0.0)
    http-accept (1.7.0)
    http-cookie (1.0.4)
      domain_name (~> 0.5)
    json (2.6.1)
    json (2.6.1-java)
    json_mapper (0.2.1)
      json (>= 1.4.3)
    mime-types (3.4.1)
      mime-types-data (~> 3.2015)
    mime-types-data (3.2022.0105)
    moesif_api (1.2.14)
      json_mapper (~> 0.2.1)
      moesif_unirest (~> 1.1.6)
      test-unit (~> 3.5, >= 3.5.0)
    moesif_unirest (1.1.6)
      addressable (~> 2.8.0)
      json (>= 1.8.1)
      rest-client (>= 1.8.0)
    netrc (0.11.0)
    power_assert (2.0.1)
    public_suffix (4.0.6)
    rake (13.0.6)
    rest-client (2.1.0)
      http-accept (>= 1.7.0, < 2.0)
      http-cookie (>= 1.0.2, < 2.0)
      mime-types (>= 1.16, < 4.0)
      netrc (~> 0.8)
    test-unit (3.5.3)
      power_assert
    unf (0.1.4)
      unf_ext
    unf (0.1.4-java)
    unf_ext (0.0.8)

PLATFORMS
  java
  ruby
  universal-java-1.8

DEPENDENCIES
  moesif_api
  moesif_rack!
  rake
  test-unit (~> 3.1, >= 3.1.5)

BUNDLED WITH
   2.2.4
