PATH
  remote: .
  specs:
    moesif_rack (1.3.9)
      moesif_api (~> 1.2.10)
      test-unit (~> 3.1.5)

GEM
  remote: https://rubygems.org/
  specs:
    addressable (2.7.0)
      public_suffix (>= 2.0.2, < 5.0)
    domain_name (0.5.20190701)
      unf (>= 0.0.5, < 1.0.0)
    http-accept (1.7.0)
    http-cookie (1.0.3)
      domain_name (~> 0.5)
    json (2.3.0)
    json_mapper (0.2.1)
      json (>= 1.4.3)
    mime-types (3.3)
      mime-types-data (~> 3.2015)
    mime-types-data (3.2019.1009)
    moesif_api (1.2.10)
      json_mapper (~> 0.2.1)
      moesif_unirest (~> 1.1.5)
      test-unit (~> 3.1.5)
    moesif_unirest (1.1.5)
      addressable (>= 2.3.5)
      json (>= 1.8.1)
      rest-client (>= 1.8.0)
    netrc (0.11.0)
    power_assert (1.1.5)
    public_suffix (4.0.1)
    rake (13.0.1)
    rest-client (2.1.0)
      http-accept (>= 1.7.0, < 2.0)
      http-cookie (>= 1.0.2, < 2.0)
      mime-types (>= 1.16, < 4.0)
      netrc (~> 0.8)
    test-unit (3.1.9)
      power_assert
    unf (0.1.4)
      unf_ext
    unf_ext (0.0.7.6)

PLATFORMS
  ruby

DEPENDENCIES
  moesif_rack!
  rake

BUNDLED WITH
   2.0.1
